GEM
  remote: https://rubygems.org/
  specs:
    alfred-workflow (1.8.0)
      plist (>= 3.1.0)
    plist (3.1.0)
    unicode (0.4.4.2)

PLATFORMS
  ruby

DEPENDENCIES
  alfred-workflow
  plist
  unicode
